PATH
  remote: .
  specs:
    api-auth (1.0.2)

GEM
  remote: http://rubygems.org/
  specs:
    actionpack (2.3.14)
      activesupport (= 2.3.14)
      rack (~> 1.1.0)
    activeresource (2.3.14)
      activesupport (= 2.3.14)
    activesupport (2.3.14)
    amatch (0.2.10)
      tins (~> 0.3)
    curb (0.8.1)
    diff-lcs (1.1.3)
    domain_name (0.5.20190701)
      unf (>= 0.0.5, < 1.0.0)
    http-accept (1.7.0)
    http-cookie (1.0.3)
      domain_name (~> 0.5)
    mime-types (3.3.1)
      mime-types-data (~> 3.2015)
    mime-types-data (3.2021.0225)
    netrc (0.11.0)
    rack (1.1.3)
    rake (0.9.2.2)
    rest-client (2.1.0)
      http-accept (>= 1.7.0, < 2.0)
      http-cookie (>= 1.0.2, < 2.0)
      mime-types (>= 1.16, < 4.0)
      netrc (~> 0.8)
    rspec (2.4.0)
      rspec-core (~> 2.4.0)
      rspec-expectations (~> 2.4.0)
      rspec-mocks (~> 2.4.0)
    rspec-core (2.4.0)
    rspec-expectations (2.4.0)
      diff-lcs (~> 1.1.2)
    rspec-mocks (2.4.0)
    tins (0.5.5)
    unf (0.1.4)
      unf_ext
    unf_ext (0.0.7.7)

PLATFORMS
  ruby

DEPENDENCIES
  actionpack (~> 2.3.2)
  activeresource (~> 2.3.2)
  activesupport (~> 2.3.2)
  amatch
  api-auth!
  curb (~> 0.8.1)
  rake
  rest-client (~> 2.1.0)
  rspec (~> 2.4.0)
